GEM
  remote: https://rubygems.org/
  specs:
    kgio (2.8.1)
    rack (1.2.1)
    rainbows (4.5.0)
      kgio (~> 2.5)
      rack (~> 1.1)
      unicorn (~> 4.6, >= 4.6.2)
    raindrops (0.12.0)
    sinatra (1.1.0)
      rack (~> 1.1)
      tilt (~> 1.1)
    tilt (1.1)
    unicorn (4.6.3)
      kgio (~> 2.6)
      rack
      raindrops (~> 0.7)
    zbatery (4.1.2)
      rainbows (~> 4.3)

PLATFORMS
  ruby

DEPENDENCIES
  sinatra (= 1.1.0)
  zbatery
