GEM
  remote: https://rubygems.org/
  specs:
    kgio (2.8.1)
    rack (1.5.2)
    rack-protection (1.5.1)
      rack
    rainbows (4.5.0)
      kgio (~> 2.5)
      rack (~> 1.1)
      unicorn (~> 4.6, >= 4.6.2)
    raindrops (0.12.0)
    sinatra (1.4.4)
      rack (~> 1.4)
      rack-protection (~> 1.4)
      tilt (~> 1.3, >= 1.3.4)
    tilt (1.4.1)
    unicorn (4.7.0)
      kgio (~> 2.6)
      rack
      raindrops (~> 0.7)
    zbatery (4.1.2)
      rainbows (~> 4.3)

PLATFORMS
  ruby

DEPENDENCIES
  sinatra
  zbatery
